PATH
  remote: .
  specs:
    meetup_cli (0.1.0)

GEM
  remote: https://rubygems.org/
  specs:
    rake (10.4.2)

PLATFORMS
  ruby

DEPENDENCIES
  bundler (~> 1.16)
  meetup_cli!
  rake (~> 10.0)

BUNDLED WITH
   1.16.3
